GEM
  remote: https://rubygems.org/
  specs:
    coderay (1.1.0)
    json (1.8.3)
    rack (1.6.4)
    rack-protection (1.5.3)
      rack
    rest-open-uri (1.0.0)
    rubygems-update (2.5.1)
    sinatra (1.4.6)
      rack (~> 1.4)
      rack-protection (~> 1.4)
      tilt (>= 1.3, < 3)
    tilt (2.0.2)

PLATFORMS
  ruby

DEPENDENCIES
  bundler
  coderay
  json
  rest-open-uri
  rubygems-update
  sinatra

BUNDLED WITH
   1.10.6
